GEM
  remote: https://rubygems.org/
  specs:
    kramdown (2.3.0)
      rexml
    kramdown-parser-gfm (1.1.0)
      kramdown (~> 2.0)
    rexml (3.2.4)
    rouge (3.26.0)

PLATFORMS
  x86_64-darwin-19

DEPENDENCIES
  kramdown
  kramdown-parser-gfm
  rouge

BUNDLED WITH
   2.2.7
